GIT
  remote: git://github.com/mikeweber/checkers.git
  revision: d41f2d1b632a6e706e77cb6c773aa8efca605ba5
  specs:
    checkers (0.2.8)

GEM
  remote: https://rubygems.org/
  specs:

PLATFORMS
  ruby

DEPENDENCIES
  checkers!
