GIT
  remote: git://github.com/mikeweber/checkers.git
  revision: 230322186f62af87aba40855b949726cdd7d6a5f
  specs:
    checkers (0.2.7)

GEM
  remote: https://rubygems.org/
  specs:

PLATFORMS
  ruby

DEPENDENCIES
  checkers!
